PATH
  remote: .
  specs:
    rails_current (2.0.0)
      map (~> 6.0)

GEM
  remote: https://rubygems.org/
  specs:
    map (6.6.0)
    minitest (5.11.3)

PLATFORMS
  ruby

DEPENDENCIES
  minitest (~> 5.11)
  rails_current!

BUNDLED WITH
   1.16.1
