PATH
  remote: .
  specs:
    rails_current (1.9.0)
      map (>= 6.0.1)

GEM
  remote: https://rubygems.org/
  specs:
    map (6.6.0)

PLATFORMS
  ruby

DEPENDENCIES
  rails_current!

BUNDLED WITH
   1.14.6
